GEM
  remote: https://rubygems.org/
  specs:
    activesupport (5.0.0.1)
      concurrent-ruby (~> 1.0, >= 1.0.2)
      i18n (~> 0.7)
      minitest (~> 5.1)
      tzinfo (~> 1.1)
    addressable (2.4.0)
    airtable (0.0.9)
      httparty
    backports (3.6.8)
    coderay (1.1.1)
    concurrent-ruby (1.0.2)
    faraday (0.9.2)
      multipart-post (>= 1.2, < 3)
    google-api-client (0.9.15)
      addressable (~> 2.3)
      googleauth (~> 0.5)
      httpclient (~> 2.7)
      hurley (~> 0.1)
      memoist (~> 0.11)
      mime-types (>= 1.6)
      representable (~> 2.3.0)
      retriable (~> 2.0)
    googleauth (0.5.1)
      faraday (~> 0.9)
      jwt (~> 1.4)
      logging (~> 2.0)
      memoist (~> 0.12)
      multi_json (~> 1.11)
      os (~> 0.9)
      signet (~> 0.7)
    httparty (0.14.0)
      multi_xml (>= 0.5.2)
    httpclient (2.8.2.4)
    hurley (0.2)
    i18n (0.7.0)
    jwt (1.5.6)
    line-bot-api (1.0.0)
    little-plugger (1.1.4)
    logging (2.1.0)
      little-plugger (~> 1.1)
      multi_json (~> 1.10)
    memoist (0.15.0)
    method_source (0.8.2)
    mime-types (3.1)
      mime-types-data (~> 3.2015)
    mime-types-data (3.2016.0521)
    mini_portile2 (2.1.0)
    minitest (5.10.1)
    multi_json (1.12.1)
    multi_xml (0.6.0)
    multipart-post (2.0.0)
    newrelic_rpm (3.17.2.327)
    nokogiri (1.7.0)
      mini_portile2 (~> 2.1.0)
    os (0.9.6)
    pry (0.10.4)
      coderay (~> 1.1.0)
      method_source (~> 0.8.1)
      slop (~> 3.4)
    puma (3.6.0)
    rack (1.6.4)
    rack-protection (1.5.3)
      rack
    rack-test (0.6.3)
      rack (>= 1.0)
    redis (3.3.2)
    representable (2.3.0)
      uber (~> 0.0.7)
    retriable (2.1.0)
    signet (0.7.3)
      addressable (~> 2.3)
      faraday (~> 0.9)
      jwt (~> 1.5)
      multi_json (~> 1.10)
    sinatra (1.4.7)
      rack (~> 1.5)
      rack-protection (~> 1.4)
      tilt (>= 1.3, < 3)
    sinatra-contrib (1.4.7)
      backports (>= 2.0)
      multi_json
      rack-protection
      rack-test
      sinatra (~> 1.4.0)
      tilt (>= 1.3, < 3)
    slop (3.6.0)
    thread_safe (0.3.5)
    tilt (2.0.5)
    tzinfo (1.2.2)
      thread_safe (~> 0.1)
    uber (0.0.15)

PLATFORMS
  ruby

DEPENDENCIES
  activesupport
  airtable
  google-api-client
  line-bot-api
  newrelic_rpm
  nokogiri
  pry
  puma
  redis
  sinatra
  sinatra-contrib

RUBY VERSION
   ruby 2.2.4p230

BUNDLED WITH
   1.13.2
